GEM
  remote: http://rubygems.org/
  specs:
    daemons (1.1.9)
    eventmachine (1.0.0)
    eventmachine (1.0.0-x86-mingw32)
    handsoap (1.1.8)
    httpclient (2.3.2)
    i18n (0.6.1)
    icalendar (1.2.2)
    mail (2.5.3)
      i18n (>= 0.4.0)
      mime-types (~> 1.16)
      treetop (~> 1.4.8)
    mime-types (1.21)
    nokogiri (1.5.6-x86-mingw32)
    polyglot (0.3.3)
    rack (1.5.1)
    rubyntlm (0.1.1)
    sinatra (1.1.0)
      rack (~> 1.1)
      tilt (~> 1.1)
    thin (1.5.0)
      daemons (>= 1.0.9)
      eventmachine (>= 0.12.6)
      rack (>= 1.0.0)
    tilt (1.3.3)
    treetop (1.4.12)
      polyglot
      polyglot (>= 0.3.1)
    viewpoint (0.1.27)
      handsoap
      httpclient
      icalendar (>= 1.1.5)
      mail (>= 2.2.5)
      nokogiri
      rubyntlm

PLATFORMS
  x86-mingw32

DEPENDENCIES
  sinatra
  thin
  viewpoint
